GEM
  remote: https://rubygems.org/
  specs:
    connection_pool (2.4.1)
    redis (5.0.7)
      redis-client (>= 0.9.0)
    redis-client (0.15.0)
      connection_pool

PLATFORMS
  x64-mingw32

DEPENDENCIES
  redis

BUNDLED WITH
   1.17.2
