GEM
  remote: https://rubygems.org/
  specs:
    aws-eventstream (1.2.0)
    aws-sigv4 (1.6.0)
      aws-eventstream (~> 1, >= 1.0.2)
    json (2.6.3)
    vault (0.17.0)
      aws-sigv4

PLATFORMS
  x64-mingw-ucrt
  x64-mingw32

DEPENDENCIES
  json
  vault

BUNDLED WITH
   2.4.10
